PATH
  remote: .
  specs:
    sundawg_responsys_client (0.0.1)
      fastercsv (>= 1.5.4)
      soap4r (>= 1.5.8)

GEM
  remote: https://rubygems.org/
  specs:
    allison (2.0.3)
    echoe (4.6.5)
      allison (>= 2.0.3)
      rake (>= 0.9.2)
      rdoc (>= 2.5.11)
      rubyforge (>= 2.0.4)
    fastercsv (1.5.5)
    httpclient (2.3.4.1)
    json (1.8.1)
    json_pure (1.8.1)
    metaclass (0.0.4)
    mocha (1.0.0)
      metaclass (~> 0.0.1)
    rake (10.3.1)
    rdoc (4.1.1)
      json (~> 1.4)
    rubyforge (2.0.4)
      json_pure (>= 1.1.7)
    soap4r (1.5.8)
      httpclient (>= 2.1.1)

PLATFORMS
  ruby

DEPENDENCIES
  echoe
  mocha
  rake
  sundawg_responsys_client!
